GEM
  remote: https://rubygems.org/
  specs:
    addressable (2.6.0)
      public_suffix (>= 2.0.2, < 4.0)
    ansi (1.5.0)
    ast (2.4.0)
    beaker (4.9.0)
      beaker-hostgenerator
      hocon (~> 1.0)
      in-parallel (~> 0.1)
      inifile (~> 3.0)
      minitar (~> 0.6)
      minitest (~> 5.4)
      net-scp (~> 1.2)
      net-ssh (~> 5.0)
      open_uri_redirections (~> 0.2.1)
      pry-byebug (~> 3.6)
      rb-readline (~> 0.5.3)
      rsync (~> 1.0.9)
      stringify-hash (~> 0.0)
      thor (~> 0.19)
    beaker-abs (0.5.0)
    beaker-answers (0.26.2)
      hocon (~> 1.0)
      require_all (~> 1.3.2)
      stringify-hash (~> 0.0.0)
    beaker-hostgenerator (1.1.31)
      deep_merge (~> 1.0)
      stringify-hash (~> 0.0.0)
    beaker-module_install_helper (0.1.7)
      beaker (>= 2.0)
    beaker-pe (2.1.7)
      beaker (~> 4.0)
      beaker-abs
      beaker-answers (~> 0.0)
      beaker-puppet (~> 1.0)
      beaker-vmpooler (~> 1.0)
      stringify-hash (~> 0.0.0)
    beaker-puppet (1.18.4)
      beaker (~> 4.1)
      in-parallel (~> 0.1)
      oga
      stringify-hash (~> 0.0.0)
    beaker-puppet_install_helper (0.9.8)
      beaker (~> 4.0)
      beaker-pe (~> 2.0)
    beaker-rspec (6.2.4)
      beaker (> 3.0)
      rspec (~> 3.0)
      serverspec (~> 2)
      specinfra (~> 2)
    beaker-vagrant (0.6.2)
      stringify-hash (~> 0.0.0)
    beaker-vmpooler (1.3.3)
      stringify-hash (~> 0.0.0)
    byebug (11.0.1)
    coderay (1.1.2)
    deep_merge (1.2.1)
    diff-lcs (1.3)
    domain_name (0.5.20180417)
      unf (>= 0.0.5, < 1.0.0)
    facter (2.5.1)
    facterdb (0.6.0)
      facter
      jgrep
    fast_gettext (1.1.2)
    hiera (3.5.0)
    hocon (1.2.5)
    http-cookie (1.0.3)
      domain_name (~> 0.5)
    in-parallel (0.1.17)
    inifile (3.0.0)
    jaro_winkler (1.5.3)
    jgrep (1.5.0)
    json (2.2.0)
    json-schema (2.8.1)
      addressable (>= 2.4)
    locale (2.1.2)
    master_manipulator (2.1.1)
      beaker (>= 2.7.0)
      multi_json
    mcollective-client (2.12.4)
      json
      stomp
      systemu
    metaclass (0.0.4)
    metadata-json-lint (2.2.0)
      json-schema (~> 2.8)
      spdx-licenses (~> 1.0)
    method_source (0.9.2)
    mime-types (3.2.2)
      mime-types-data (~> 3.2015)
    mime-types-data (3.2019.0331)
    minitar (0.8)
    minitest (5.11.3)
    mocha (1.9.0)
      metaclass (~> 0.0.1)
    multi_json (1.13.1)
    net-scp (1.2.1)
      net-ssh (>= 2.6.5)
    net-ssh (5.2.0)
    net-telnet (0.1.1)
    netrc (0.11.0)
    oga (2.15)
      ast
      ruby-ll (~> 2.1)
    open_uri_redirections (0.2.1)
    parallel (1.17.0)
    parser (2.6.3.0)
      ast (~> 2.4.0)
    pathspec (0.2.1)
    pry (0.12.2)
      coderay (~> 1.1.0)
      method_source (~> 0.9.0)
    pry-byebug (3.7.0)
      byebug (~> 11.0)
      pry (~> 0.10)
    public_suffix (3.1.0)
    puppet (5.5.14)
      facter (> 2.0.1, < 4)
      fast_gettext (~> 1.1.2)
      hiera (>= 3.2.1, < 4)
      locale (~> 2.1)
      multi_json (~> 1.10)
    puppet-blacksmith (4.1.2)
      rest-client (~> 2.0)
    puppet-lint (2.3.6)
    puppet-strings (2.2.0)
      rgen
      yard (~> 0.9.5)
    puppet-syntax (2.4.3)
      rake
    puppet_facts (0.2.1)
    puppetlabs_spec_helper (2.14.1)
      mocha (~> 1.0)
      pathspec (~> 0.2.1)
      puppet-lint (~> 2.0)
      puppet-syntax (~> 2.0)
      rspec-puppet (~> 2.0)
    rainbow (3.0.0)
    rake (12.3.2)
    rb-readline (0.5.5)
    require_all (1.3.3)
    rest-client (2.0.2)
      http-cookie (>= 1.0.2, < 2.0)
      mime-types (>= 1.16, < 4.0)
      netrc (~> 0.8)
    rgen (0.8.2)
    rspec (3.8.0)
      rspec-core (~> 3.8.0)
      rspec-expectations (~> 3.8.0)
      rspec-mocks (~> 3.8.0)
    rspec-core (3.8.1)
      rspec-support (~> 3.8.0)
    rspec-expectations (3.8.4)
      diff-lcs (>= 1.2.0, < 2.0)
      rspec-support (~> 3.8.0)
    rspec-its (1.3.0)
      rspec-core (>= 3.0.0)
      rspec-expectations (>= 3.0.0)
    rspec-mocks (3.8.1)
      diff-lcs (>= 1.2.0, < 2.0)
      rspec-support (~> 3.8.0)
    rspec-puppet (2.7.5)
      rspec
    rspec-puppet-facts (1.9.2)
      facter
      facterdb (>= 0.5.0)
      json
      mcollective-client
      puppet
    rspec-support (3.8.2)
    rsync (1.0.9)
    rubocop (0.71.0)
      jaro_winkler (~> 1.5.1)
      parallel (~> 1.10)
      parser (>= 2.6)
      rainbow (>= 2.2.2, < 4.0)
      ruby-progressbar (~> 1.7)
      unicode-display_width (>= 1.4.0, < 1.7)
    ruby-ll (2.1.2)
      ansi
      ast
    ruby-progressbar (1.10.1)
    safe_yaml (1.0.5)
    serverspec (2.41.4)
      multi_json
      rspec (~> 3.0)
      rspec-its
      specinfra (~> 2.72)
    sfl (2.3)
    spdx-licenses (1.2.0)
    specinfra (2.78.0)
      net-scp
      net-ssh (>= 2.7)
      net-telnet (= 0.1.1)
      sfl
    stomp (1.4.8)
    stringify-hash (0.0.2)
    systemu (2.6.5)
    thor (0.20.3)
    unf (0.1.4)
      unf_ext
    unf_ext (0.0.7.6)
    unicode-display_width (1.6.0)
    yard (0.9.19)

PLATFORMS
  ruby

DEPENDENCIES
  beaker
  beaker-hostgenerator
  beaker-module_install_helper
  beaker-puppet
  beaker-puppet_install_helper
  beaker-rspec (>= 3.4)
  beaker-vagrant (>= 0.5.0)
  facter (>= 1.7.0)
  facterdb
  json
  master_manipulator
  metadata-json-lint
  puppet (>= 4.0, < 6.0)
  puppet-blacksmith
  puppet-strings
  puppet_facts
  puppetlabs_spec_helper
  rspec-puppet (>= 2.3.2)
  rspec-puppet-facts
  rubocop
  safe_yaml (~> 1.0.4)
  serverspec

BUNDLED WITH
   1.16.2
